PATH
  remote: .
  specs:
    artoo-raspi (0.7.0)
      artoo (>= 1.6.0)
      artoo-gpio
      artoo-i2c

GEM
  remote: http://rubygems.org/
  specs:
    artoo (1.8.1)
      celluloid (~> 0.16.0)
      celluloid-io (~> 0.16.0)
      http (~> 0.6.1)
      multi_json (~> 1.10.1)
      pry (~> 0.9.0)
      rake
      reel (~> 0.5.0)
      robeaux (= 0.4.1)
      thor (~> 0.19.1)
    artoo-gpio (0.4.0)
      artoo (>= 1.6.0)
    artoo-i2c (0.5.0)
      artoo (>= 1.6.0)
    celluloid (0.16.0)
      timers (~> 4.0.0)
    celluloid-io (0.16.2)
      celluloid (>= 0.16.0)
      nio4r (>= 1.1.0)
    coderay (1.1.0)
    hitimes (1.2.3)
    http (0.6.4)
      http_parser.rb (~> 0.6.0)
    http_parser.rb (0.6.0)
    metaclass (0.0.1)
    method_source (0.8.2)
    minitest (5.0.6)
    minitest-happy (1.0.0)
    mocha (0.14.0)
      metaclass (~> 0.0.1)
    multi_json (1.10.1)
    nio4r (1.2.1)
    pry (0.9.12.6)
      coderay (~> 1.0)
      method_source (~> 0.8)
      slop (~> 3.4)
    rake (10.1.1)
    reel (0.5.0)
      celluloid (>= 0.15.1)
      celluloid-io (>= 0.15.0)
      http (>= 0.6.0.pre)
      http_parser.rb (>= 0.6.0)
      websocket_parser (>= 0.1.6)
    robeaux (0.4.1)
    slop (3.4.7)
    thor (0.19.1)
    timers (4.0.4)
      hitimes
    websocket_parser (0.1.6)

PLATFORMS
  ruby

DEPENDENCIES
  artoo-raspi!
  minitest (>= 5.0)
  minitest-happy
  mocha (>= 0.14.0)

BUNDLED WITH
   1.10.6
